GEM
  remote: http://torquebox.org/builds/1623/gem-repo/
  remote: https://rubygems.org/
  specs:
    blankslate (2.1.2.4)
    edn (1.0.0)
      parslet (~> 1.4.0)
    parslet (1.4.0)
      blankslate (~> 2.0)
    rake (10.0.4)
    thor (0.18.1)
    torquebox (3.x.incremental.1623)
      thor (>= 0.14.6)
      torquebox-cache (= 3.x.incremental.1623)
      torquebox-configure (= 3.x.incremental.1623)
      torquebox-core (= 3.x.incremental.1623)
      torquebox-messaging (= 3.x.incremental.1623)
      torquebox-naming (= 3.x.incremental.1623)
      torquebox-rake-support (= 3.x.incremental.1623)
      torquebox-security (= 3.x.incremental.1623)
      torquebox-stomp (= 3.x.incremental.1623)
      torquebox-transactions (= 3.x.incremental.1623)
      torquebox-web (= 3.x.incremental.1623)
    torquebox-cache (3.x.incremental.1623-java)
      torquebox-core (= 3.x.incremental.1623)
      torquebox-transactions (= 3.x.incremental.1623)
    torquebox-configure (3.x.incremental.1623-java)
      blankslate (= 2.1.2.4)
    torquebox-core (3.x.incremental.1623-java)
      edn (= 1.0.0)
    torquebox-messaging (3.x.incremental.1623-java)
      torquebox-core (= 3.x.incremental.1623)
      torquebox-transactions (= 3.x.incremental.1623)
    torquebox-naming (3.x.incremental.1623-java)
      torquebox-core (= 3.x.incremental.1623)
    torquebox-rake-support (3.x.incremental.1623)
      rake (>= 0.8.7)
    torquebox-security (3.x.incremental.1623-java)
      torquebox-core (= 3.x.incremental.1623)
    torquebox-stomp (3.x.incremental.1623)
      torquebox-core (= 3.x.incremental.1623)
      torquebox-messaging (= 3.x.incremental.1623)
    torquebox-transactions (3.x.incremental.1623)
      torquebox-core (= 3.x.incremental.1623)
    torquebox-web (3.x.incremental.1623-java)

PLATFORMS
  java

DEPENDENCIES
  torquebox (= 3.x.incremental.1623)
